NUGET
  remote: https://nuget.org/api/v2
  specs:
    FAKE (3.36.0)
    FsCheck (2.0.7)
      FSharp.Core (>= 3.1.2.5)
    FsCheck.Nunit (2.0.7)
      FsCheck (>= 2.0.7)
      NUnit (>= 2.6.4)
      NUnit.Runners (>= 2.6.4)
    FsCheck.Xunit (2.0.7)
      FsCheck (>= 2.0.7)
      xunit (>= 1.9.2)
    FSharp.Compiler.Service (1.3.1.0)
    FSharp.Core (3.1.2.5)
    FSharp.Formatting (2.9.10)
      FSharp.Compiler.Service (>= 0.0.87)
      FSharpVSPowerTools.Core (1.8.0)
    FSharpVSPowerTools.Core (1.8.0)
      FSharp.Compiler.Service (>= 0.0.87)
    Microsoft.Bcl (1.1.10)
      Microsoft.Bcl.Build (>= 1.0.14)
    Microsoft.Bcl.Build (1.0.21)
    Microsoft.Net.Http (2.2.29)
      Microsoft.Bcl (>= 1.1.10)
      Microsoft.Bcl.Build (>= 1.0.14)
    NUnit (2.6.4)
    NUnit.Runners (2.6.4)
    Octokit (0.13.0)
      Microsoft.Net.Http
    SourceLink.Fake (1.0.0)
    xunit (1.9.2)
    xunit.runners (1.9.2)
GITHUB
  remote: fsharp/FAKE
  specs:
    modules/Octokit/Octokit.fsx (49e3408b7069b16fa7405d2e04eb35725e83c2ca)
      Octokit